FRAMEWORK: NET40
NUGET
  remote: https://www.nuget.org/api/v2
    FAKE (4.41.6)
    FSharp.Compiler.Service (8.0)
      System.Collections.Immutable (>= 1.2)
      System.Reflection.Metadata (>= 1.4.1-beta-24227-04)
    FSharp.Compiler.Tools (4.0.1.10)
    System.Collections.Immutable (1.2)
    System.Reflection.Metadata (1.4.1-beta-24430-01)
